PATH
  remote: .
  specs:
    redmine_weary (0.5.1)
      weary (~> 1.1.0)

GEM
  remote: http://rubygems.org/
  specs:
    addressable (2.3.2)
    crack (0.3.1)
    diff-lcs (1.1.3)
    multi_json (1.3.7)
    promise (0.3.0)
    rack (1.4.1)
    rake (0.9.2.2)
    rspec (2.11.0)
      rspec-core (~> 2.11.0)
      rspec-expectations (~> 2.11.0)
      rspec-mocks (~> 2.11.0)
    rspec-core (2.11.1)
    rspec-expectations (2.11.3)
      diff-lcs (~> 1.1.3)
    rspec-mocks (2.11.3)
    simple_oauth (0.1.9)
    weary (1.1.2)
      addressable (~> 2.3.2)
      multi_json (~> 1.3.0)
      promise (~> 0.3.0)
      rack (~> 1.4.0)
      simple_oauth (~> 0.1.5)
    webmock (1.8.11)
      addressable (>= 2.2.7)
      crack (>= 0.1.7)

PLATFORMS
  ruby

DEPENDENCIES
  rake (~> 0.9.2)
  redmine_weary!
  rspec (~> 2.11.0)
  webmock (~> 1.8.10)
